GEM
  remote: https://rubygems.org/
  specs:
    concurrent-ruby (1.0.5)
    jmespath (1.3.1)
    mustermann (1.0.1)
    rack (2.0.3)
    rack-protection (2.0.0)
      rack
    sinatra (2.0.0)
      mustermann (~> 1.0)
      rack (~> 2.0)
      rack-protection (= 2.0.0)
      tilt (~> 2.0)
    tilt (2.0.8)

PLATFORMS
  ruby

DEPENDENCIES
  concurrent-ruby
  jmespath
  sinatra

BUNDLED WITH
   1.16.0
