GEM
  remote: https://rubygems.org/
  specs:
    concurrent-ruby (1.0.5)
    jmespath (1.3.1)

PLATFORMS
  ruby

DEPENDENCIES
  concurrent-ruby
  jmespath

BUNDLED WITH
   1.13.7
